GEM
  remote: https://rubygems.org/
  specs:
    cicero (0.0.1)

PLATFORMS
  ruby

DEPENDENCIES
  cicero

BUNDLED WITH
   1.15.4
